GEM
  remote: https://rubygems.org/
  specs:
    minitest (5.14.0)
    mocha (1.11.2)
    o_stream_catcher (0.0.1)

PLATFORMS
  ruby

DEPENDENCIES
  minitest
  mocha
  o_stream_catcher

BUNDLED WITH
   2.1.4
